GEM
  remote: https://rubygems.org/
  specs:
    benchmark (0.1.0)
    benchmark-ips (2.8.2)
    benchmark-memory (0.1.2)
      memory_profiler (~> 0.9)
    byebug (11.1.3)
    coderay (1.1.3)
    memory_profiler (0.9.14)
    method_source (1.0.0)
    pry (0.13.1)
      coderay (~> 1.1)
      method_source (~> 1.0)
    pry-byebug (3.9.0)
      byebug (~> 11.0)
      pry (~> 0.13.0)
    ruby-prof (1.4.1)

PLATFORMS
  ruby

DEPENDENCIES
  benchmark (~> 0.1.0)
  benchmark-ips (~> 2.8, >= 2.8.2)
  benchmark-memory (~> 0.1.2)
  pry-byebug (~> 3.9)
  ruby-prof (~> 1.4, >= 1.4.1)

BUNDLED WITH
   2.1.4
